GEM
  remote: http://rubygems.org/
  specs:
    actionmailer (2.3.14)
      actionpack (= 2.3.14)
    actionpack (2.3.14)
      activesupport (= 2.3.14)
      rack (~> 1.1.0)
    activerecord (2.3.14)
      activesupport (= 2.3.14)
    activeresource (2.3.14)
      activesupport (= 2.3.14)
    activesupport (2.3.14)
    chronic (0.2.3)
      hoe (>= 1.2.1)
    cocaine (0.2.1)
    composite_primary_keys (2.3.5.1)
      activerecord (>= 2.3.5)
    hoe (3.0.8)
      rake (~> 0.8)
    mime-types (1.19)
    paperclip (2.3.16)
      activerecord (>= 2.3.0)
      activesupport (>= 2.3.2)
      cocaine (>= 0.0.2)
      mime-types
    pg (0.14.0)
    rack (1.1.3)
    rails (2.3.14)
      actionmailer (= 2.3.14)
      actionpack (= 2.3.14)
      activerecord (= 2.3.14)
      activeresource (= 2.3.14)
      activesupport (= 2.3.14)
      rake (>= 0.8.3)
    rake (0.9.2.2)
    rufus-scheduler (2.0.17)
      tzinfo (>= 0.3.23)
    tiny_mce (0.1.8)
    tzinfo (0.3.33)
    will_paginate (2.3.16)

PLATFORMS
  ruby

DEPENDENCIES
  chronic (~> 0.2.3)
  composite_primary_keys (~> 2.3.5.1)
  hoe (~> 3.0.8)
  paperclip (~> 2.3.5)
  pg
  rails (~> 2.3.8)
  rufus-scheduler (~> 2.0.6)
  tiny_mce (~> 0.1.3)
  will_paginate (~> 2.3.12)
